GEM
  remote: https://rubygems.org/
  specs:
    builder (3.2.3)
    coveralls (0.8.22)
      json (>= 1.8, < 3)
      simplecov (~> 0.16.1)
      term-ansicolor (~> 1.3)
      thor (~> 0.19.4)
      tins (~> 1.6)
    docile (1.3.1)
    fastlane-plugin-apprepo (0.5.0)
      json (~> 2.0, >= 2.0.3)
      net-sftp (~> 2.1, >= 2.1.2)
      net-ssh (~> 4.0, >= 4.0.0)
    json (2.1.0)
    net-sftp (2.1.2)
      net-ssh (>= 2.6.5)
    net-ssh (4.2.0)
    rspec-core (3.8.0)
      rspec-support (~> 3.8.0)
    rspec-support (3.8.0)
    rspec_junit_formatter (0.2.3)
      builder (< 4)
      rspec-core (>= 2, < 4, != 2.12.0)
    simplecov (0.16.1)
      docile (~> 1.1)
      json (>= 1.8, < 3)
      simplecov-html (~> 0.10.0)
    simplecov-html (0.10.2)
    term-ansicolor (1.6.0)
      tins (~> 1.0)
    thor (0.19.4)
    tins (1.16.3)

PLATFORMS
  ruby

DEPENDENCIES
  coveralls
  fastlane-plugin-apprepo
  rspec_junit_formatter (= 0.2.3)

BUNDLED WITH
   1.16.4
